GEM
  remote: http://rubygems.org/
  specs:
    crack (0.1.8)
    httparty (0.8.1)
      multi_json
      multi_xml
    json (1.7.3)
    multi_json (1.3.5)
    multi_xml (0.5.1)
    neography (0.0.26)
      crack (= 0.1.8)
      httparty (= 0.8.1)
      json
      os
      rake (>= 0.8.7)
      rubyzip
    os (0.9.6)
    rake (0.9.2.2)
    rubyzip (0.9.8)

PLATFORMS
  ruby

DEPENDENCIES
  neography
